GEM
  remote: http://rubygems.org/
  specs:
    mustache (0.99.4)
    redcarpet (2.1.1)
    rocco (0.8.2)
      mustache
      redcarpet

PLATFORMS
  x86-mingw32

DEPENDENCIES
  rocco
